STORAGE: NONE
RESTRICTION: == net6.0
NUGET
  remote: https://api.nuget.org/v3/index.json
    Aether (8.3.1)
      FSharp.Core (>= 4.3.4)
    ClosedXML (0.97)
      DocumentFormat.OpenXml (>= 2.16)
      ExcelNumberFormat (>= 1.1)
      Microsoft.CSharp (>= 4.7)
      SixLabors.Fonts (>= 1.0.0-beta18)
      System.Buffers (>= 4.5.1)
      System.IO.Packaging (>= 4.7)
      System.Memory (>= 4.5.4)
      XLParser (>= 1.5.2)
    DocumentFormat.OpenXml (2.18)
      System.IO.Packaging (>= 4.7)
    ExcelNumberFormat (1.1)
    Expecto (9.0.4)
      FSharp.Core (>= 4.6)
      Mono.Cecil (>= 0.11.3)
    Expecto.FsCheck (9.0.4)
      Expecto (>= 9.0.4)
      FsCheck (>= 2.14.3)
    FParsec (1.1.1)
      FSharp.Core (>= 4.3.4)
    FsCheck (2.16.5)
      FSharp.Core (>= 4.2.3)
    FSharp.Core (7.0)
    FsToolkit.ErrorHandling (4.3)
      FSharp.Core (>= 7.0)
    Irony.NetCore (1.1.11)
      System.Reflection.Emit.ILGeneration (>= 4.3)
      System.Reflection.Emit.Lightweight (>= 4.3)
    Markdig (0.30.4)
    MathNet.Numerics (5.0)
    MathNet.Numerics.FSharp (5.0)
      FSharp.Core (>= 6.0.2)
      MathNet.Numerics (>= 5.0)
    Microsoft.CodeCoverage (17.2)
    Microsoft.CSharp (4.7)
    Microsoft.Net.Test.Sdk (17.2)
      Microsoft.CodeCoverage (>= 17.2)
      Microsoft.TestPlatform.TestHost (>= 17.2)
    Microsoft.NETCore.Platforms (6.0.6)
    Microsoft.TestPlatform.ObjectModel (17.2)
      NuGet.Frameworks (>= 5.11)
      System.Reflection.Metadata (>= 1.6)
    Microsoft.TestPlatform.TestHost (17.2)
      Microsoft.TestPlatform.ObjectModel (>= 17.2)
      Newtonsoft.Json (>= 9.0.1)
    Mono.Cecil (0.11.4)
    NETStandard.Library (2.0.3)
      Microsoft.NETCore.Platforms (>= 1.1)
    Newtonsoft.Json (13.0.1)
    NuGet.Frameworks (6.2.1)
    SixLabors.Fonts (1.0.0-beta19)
    System.Buffers (4.5.1)
    System.Collections.Immutable (6.0)
      System.Runtime.CompilerServices.Unsafe (>= 6.0)
    System.IO.Packaging (6.0)
    System.Memory (4.5.5)
    System.Reflection.Emit.ILGeneration (4.7)
    System.Reflection.Emit.Lightweight (4.7)
    System.Reflection.Metadata (6.0.1)
      System.Collections.Immutable (>= 6.0)
    System.Runtime.CompilerServices.Unsafe (6.0)
    Unquote (6.1)
      FSharp.Core (>= 4.7.2)
    Validus (4.1.2)
      FSharp.Core (>= 4.5.2)
    XLParser (1.6.1)
      Irony.NetCore (>= 1.0.11)
      NETStandard.Library (>= 1.6.1)
    YoloDev.Expecto.TestSdk (0.13.3)
      Expecto (>= 9.0 < 10.0)
      FSharp.Core (>= 4.6.2)
      System.Collections.Immutable (>= 6.0)
